GEM
  remote: http://rubygems.org/
  specs:
    bluecloth (2.1.0)
    gli (1.2.6)
    json (1.5.1)
    nokogiri (1.4.4)
    rack (1.4.1)
    rack-protection (1.2.0)
      rack
    showoff (0.4.2)
      bluecloth
      gli (>= 1.2.5)
      json
      nokogiri
      sinatra
    sinatra (1.3.3)
      rack (~> 1.3, >= 1.3.6)
      rack-protection (~> 1.2)
      tilt (~> 1.3, >= 1.3.3)
    tilt (1.3.3)

PLATFORMS
  ruby

DEPENDENCIES
  bluecloth
  gli
  nokogiri
  showoff
